GEM
  remote: https://rubygems.org/
  specs:
    binding_of_caller (0.7.2)
      debug_inspector (>= 0.0.1)
    colorize (0.7.3)
    debug_inspector (0.0.2)

PLATFORMS
  ruby

DEPENDENCIES
  binding_of_caller (= 0.7.2)
  colorize (= 0.7.3)
